GEM
  remote: https://rubygems.org/
  specs:
    addressable (2.4.0)
    faraday (2.7.10)
      faraday-net_http (>= 2.0, < 3.1)
      ruby2_keywords (>= 0.0.4)
    faraday-net_http (3.0.2)
    faraday-retry (2.2.0)
      faraday (~> 2.0)
    octokit (6.1.1)
      faraday (>= 1, < 3)
      sawyer (~> 0.9)
    ruby2_keywords (0.0.5)
    sawyer (0.9.2)
      addressable (>= 2.3.5)
      faraday (>= 0.17.3, < 3)

PLATFORMS
  x86_64-linux

DEPENDENCIES
  faraday-retry (~> 2.2)
  octokit (~> 6.0)

BUNDLED WITH
   2.4.12
